PATH
  remote: .
  specs:
    coursegen (0.0.5)
      nanoc
      thor

GEM
  remote: https://rubygems.org/
  specs:
    colored (1.2)
    cri (2.6.1)
      colored (~> 1.2)
    nanoc (3.7.1)
      cri (~> 2.3)
    rake (10.3.2)
    thor (0.19.1)

PLATFORMS
  ruby

DEPENDENCIES
  bundler (~> 1.6)
  coursegen!
  rake
