PATH
  remote: .
  specs:
    coursegen (0.0.5)
      nanoc
      nanoc-toolbox
      thor

GEM
  remote: https://rubygems.org/
  specs:
    colored (1.2)
    cri (2.6.1)
      colored (~> 1.2)
    jsmin (1.0.1)
    mini_portile (0.6.0)
    nanoc (3.7.1)
      cri (~> 2.3)
    nanoc-toolbox (0.2.0)
      jsmin (~> 1.0)
      nanoc (~> 3.6)
      nokogiri (~> 1.6)
    nokogiri (1.6.2.1)
      mini_portile (= 0.6.0)
    rake (10.3.2)
    thor (0.19.1)

PLATFORMS
  ruby

DEPENDENCIES
  bundler (~> 1.6)
  coursegen!
  rake
