PATH
  remote: .
  specs:
    coursegen (0.6.2)
      activesupport
      adsf
      byebug
      cri
      guard
      guard-shell
      icalendar
      kramdown
      nanoc
      nokogiri
      rubytree
      thor
      tzinfo

GEM
  remote: https://rubygems.org/
  specs:
    activesupport (5.2.0)
      concurrent-ruby (~> 1.0, >= 1.0.2)
      i18n (>= 0.7, < 2)
      minitest (~> 5.1)
      tzinfo (~> 1.1)
    addressable (2.5.2)
      public_suffix (>= 2.0.2, < 4.0)
    adsf (1.4.0)
      rack (>= 1.0.0, < 3.0.0)
    byebug (10.0.2)
    coderay (1.1.2)
    colored (1.2)
    concurrent-ruby (1.0.5)
    cri (2.10.1)
      colored (~> 1.2)
    ddmemoize (1.0.0a3)
      ddtelemetry (= 1.0.0a2)
      ref (~> 2.0)
    ddplugin (1.0.1)
    ddtelemetry (1.0.0a2)
    ffi (1.9.25)
    formatador (0.2.5)
    guard (2.14.2)
      formatador (>= 0.2.4)
      listen (>= 2.7, < 4.0)
      lumberjack (>= 1.0.12, < 2.0)
      nenv (~> 0.1)
      notiffany (~> 0.0)
      pry (>= 0.9.12)
      shellany (~> 0.0)
      thor (>= 0.18.1)
    guard-compat (1.2.1)
    guard-shell (0.7.1)
      guard (>= 2.0.0)
      guard-compat (~> 1.0)
    hamster (3.0.0)
      concurrent-ruby (~> 1.0)
    i18n (1.0.1)
      concurrent-ruby (~> 1.0)
    icalendar (2.4.1)
    json (2.1.0)
    kramdown (1.16.2)
    listen (3.1.5)
      rb-fsevent (~> 0.9, >= 0.9.4)
      rb-inotify (~> 0.9, >= 0.9.7)
      ruby_dep (~> 1.2)
    lumberjack (1.0.12)
    method_source (0.9.0)
    mini_portile2 (2.3.0)
    minitest (5.11.3)
    nanoc (4.8.19)
      addressable (~> 2.5)
      cri (~> 2.8)
      ddmemoize (= 1.0.0a3)
      ddplugin (~> 1.0)
      ddtelemetry (= 1.0.0a2)
      hamster (~> 3.0)
      ref (~> 2.0)
      slow_enumerator_tools (~> 1.0)
    nenv (0.3.0)
    nokogiri (1.8.4)
      mini_portile2 (~> 2.3.0)
    notiffany (0.1.1)
      nenv (~> 0.1)
      shellany (~> 0.0)
    pry (0.11.3)
      coderay (~> 1.1.0)
      method_source (~> 0.9.0)
    public_suffix (3.0.2)
    rack (2.0.5)
    rake (11.3.0)
    rb-fsevent (0.10.3)
    rb-inotify (0.9.10)
      ffi (>= 0.5.0, < 2)
    ref (2.0.0)
    ruby_dep (1.5.0)
    rubytree (1.0.0)
      json (~> 2.1)
      structured_warnings (~> 0.3)
    shellany (0.0.1)
    slow_enumerator_tools (1.1.0)
    structured_warnings (0.3.0)
    thor (0.20.0)
    thread_safe (0.3.6)
    tzinfo (1.2.5)
      thread_safe (~> 0.1)

PLATFORMS
  ruby

DEPENDENCIES
  bundler
  coursegen!
  rake

BUNDLED WITH
   1.16.1
