PATH
  remote: .
  specs:
    coursegen (0.0.1)
      nanoc
      thor

GEM
  remote: https://rubygems.org/
  specs:
    colored (1.2)
    cri (2.6.0)
      colored (~> 1.2)
    nanoc (3.6.11)
      cri (~> 2.3)
    rake (10.3.2)
    thor (0.19.1)

PLATFORMS
  ruby

DEPENDENCIES
  bundler (~> 1.6)
  coursegen!
  rake
